GIT
  remote: git://github.com/thethemefoundry/forge.git
  revision: 64acb66e835bcf14c688bca3c377d2a8e0192002
  specs:
    forge (0.5.0)
      compass (~> 0.12.2)
      guard (~> 1.3.0)
      guard-livereload (~> 1.0.3)
      json (~> 1.8.0)
      less (~> 2.2.2)
      rack (~> 1.3.5)
      rb-fsevent (~> 0.9.1)
      rubyzip (~> 0.9.4)
      sass (~> 3.2.0)
      sprockets (~> 2.0.2)
      sprockets-sass (~> 0.3.0)
      thor (~> 0.15.4)
      yui-compressor (~> 0.9.6)

GEM
  remote: https://rubygems.org/
  specs:
    POpen4 (0.1.4)
      Platform (>= 0.4.0)
      open4
    Platform (0.4.0)
    chunky_png (1.2.8)
    commonjs (0.2.6)
    compass (0.12.2)
      chunky_png (~> 1.2)
      fssm (>= 0.2.7)
      sass (~> 3.1)
    em-websocket (0.5.0)
      eventmachine (>= 0.12.9)
      http_parser.rb (~> 0.5.3)
    eventmachine (1.0.3)
    ffi (1.9.0)
    fssm (0.2.10)
    guard (1.3.3)
      listen (>= 0.4.2)
      thor (>= 0.14.6)
    guard-livereload (1.0.3)
      em-websocket (>= 0.2.0)
      guard (>= 1.1.0)
      multi_json (~> 1.0)
    hike (1.2.3)
    http_parser.rb (0.5.3)
    json (1.8.0)
    less (2.2.2)
      commonjs (~> 0.2.6)
    libv8 (3.11.8.17)
    listen (1.3.0)
      rb-fsevent (>= 0.9.3)
      rb-inotify (>= 0.9)
      rb-kqueue (>= 0.2)
    multi_json (1.7.9)
    open4 (1.3.0)
    rack (1.3.10)
    rb-fsevent (0.9.3)
    rb-inotify (0.9.1)
      ffi (>= 0.5.0)
    rb-kqueue (0.2.0)
      ffi (>= 0.5.0)
    ref (1.0.5)
    rubyzip (0.9.9)
    sass (3.2.10)
    sprockets (2.0.4)
      hike (~> 1.2)
      rack (~> 1.0)
      tilt (~> 1.1, != 1.3.0)
    sprockets-sass (0.3.0)
      sprockets (~> 2.0)
    therubyracer (0.11.4)
      libv8 (~> 3.11.8.12)
      ref
    thor (0.15.4)
    tilt (1.4.1)
    yui-compressor (0.9.6)
      POpen4 (>= 0.1.4)

PLATFORMS
  ruby

DEPENDENCIES
  forge!
  therubyracer
